GEM
  remote: https://rubygems.org/
  specs:
    coderay (1.1.3)
    json (2.5.1)
    method_source (1.0.0)
    pry (0.14.1)
      coderay (~> 1.1)
      method_source (~> 1.0)
    rack (2.2.3)
    rack-cors (1.1.1)
      rack (>= 2.0.0)
    shotgun (0.9.2)
      rack (>= 1.0)

PLATFORMS
  x86_64-darwin-19

DEPENDENCIES
  json (~> 2.5)
  pry (~> 0.14.1)
  rack (~> 2.2)
  rack-cors (~> 1.1)
  shotgun (~> 0.9.2)

BUNDLED WITH
   2.2.8
